GEM
  remote: https://rubygems.org/
  specs:
    multi_json (1.15.0)
    mustermann (3.0.0)
      ruby2_keywords (~> 0.0.1)
    rack (2.2.6.4)
    rack-protection (3.0.6)
      rack
    ruby2_keywords (0.0.5)
    sinatra (3.0.6)
      mustermann (~> 3.0)
      rack (~> 2.2, >= 2.2.4)
      rack-protection (= 3.0.6)
      tilt (~> 2.0)
    sinatra-contrib (3.0.6)
      multi_json
      mustermann (~> 3.0)
      rack-protection (= 3.0.6)
      sinatra (= 3.0.6)
      tilt (~> 2.0)
    sinatra-cross_origin (0.4.0)
    tilt (2.1.0)

PLATFORMS
  ruby

DEPENDENCIES
  sinatra
  sinatra-contrib
  sinatra-cross_origin (~> 0.4.0)

BUNDLED WITH
   2.1.4
